PATH
  remote: .
  specs:
    api_client_fun (0.1.0)

GEM
  remote: https://rubygems.org/
  specs:
    minitest (5.14.4)
    rake (13.0.6)

PLATFORMS
  ruby

DEPENDENCIES
  api_client_fun!
  bundler (~> 2.1.4)
  minitest (~> 5.14.1)
  rake (~> 13.0)

BUNDLED WITH
   2.1.4
